GEM
  remote: http://rubygems.org/
  specs:
    BlueCloth (1.0.1)
    json (1.6.3)
    oyster (0.9.5)
    pdoc (0.2.0)
      BlueCloth (> 0.0.0)
      oyster (> 0.0.0)
      treetop (> 0.0.0)
    polyglot (0.3.3)
    rdiscount (1.6.8)
    treetop (1.4.10)
      polyglot
      polyglot (>= 0.3.1)

PLATFORMS
  ruby

DEPENDENCIES
  json
  pdoc
  rdiscount
